GEM
  remote: https://rubygems.org/
  specs:
    byebug (11.1.3)
    coderay (1.1.3)
    git (1.8.1)
      rchardet (~> 1.8)
    method_source (1.1.0)
    pry (0.13.1)
      coderay (~> 1.1)
      method_source (~> 1.0)
    pry-byebug (3.9.0)
      byebug (~> 11.0)
      pry (~> 0.13.0)
    rake (13.2.1)
    rchardet (1.8.0)

PLATFORMS
  ruby

DEPENDENCIES
  git (~> 1.8.1)
  pry-byebug
  rake (~> 13.0)

BUNDLED WITH
   2.0.1
